GEM
  remote: https://rubygems.org/
  specs:
    line_notify (1.0.0)

PLATFORMS
  ruby

DEPENDENCIES
  line_notify

BUNDLED WITH
   1.13.6
